GEM
  specs:
    multi_json (1.13.1)
    pygments.rb (1.2.1)
      multi_json (>= 1.0.0)
    redcarpet (3.5.0)

PLATFORMS
  ruby

DEPENDENCIES
  pygments.rb
  redcarpet

BUNDLED WITH
   1.16.2
